GEM
  remote: http://rubygems.org/
  specs:
    htmlentities (4.3.0)
    minitest (2.1.0)
    mocha (0.9.12)
    nokogiri (1.4.4)
    rake (0.9.0)
    rpeg-markdown (1.4.6)

PLATFORMS
  ruby

DEPENDENCIES
  htmlentities (~> 4.3)
  minitest (~> 2.1.0)
  mocha (~> 0.9)
  nokogiri (~> 1.4.4)
  rake (~> 0.9.0)
  rpeg-markdown (~> 1.4.6)
