GEM
  remote: http://rubygems.org/
  specs:
    ZenTest (4.5.0)
    autotest (4.4.6)
      ZenTest (>= 4.4.1)
    htmlentities (4.3.0)
    minitest (2.3.1)
    mocha (0.9.12)
    nokogiri (1.4.4)
    rake (0.9.0)
    rpeg-markdown (1.4.6)

PLATFORMS
  ruby

DEPENDENCIES
  autotest (~> 4.4.6)
  htmlentities (~> 4.3)
  minitest (~> 2.3)
  mocha (~> 0.9)
  nokogiri (~> 1.4.4)
  rake (~> 0.9.0)
  rpeg-markdown (~> 1.4.6)
